GEM
  remote: https://rubygems.org/
  specs:
    github-markup (3.0.4)
    kramdown (2.3.1)
      rexml
    kramdown-parser-gfm (1.0.1)
      kramdown (~> 2.0)
    rexml (3.2.4)
    slim (4.0.1)
      temple (>= 0.7.6, < 0.9)
      tilt (>= 2.0.6, < 2.1)
    temple (0.8.1)
    tilt (2.0.9)

PLATFORMS
  ruby

DEPENDENCIES
  bundler
  github-markup
  kramdown
  kramdown-parser-gfm
  slim

BUNDLED WITH
   1.17.2
